GEM
  remote: https://rubygems.org/
  specs:
    byebug (9.1.0)
    rasem (0.7.1)

PLATFORMS
  ruby

DEPENDENCIES
  byebug
  rasem

BUNDLED WITH
   1.15.4
